GEM
  remote: https://rubygems.org/
  specs:
    addressable (2.6.0)
      public_suffix (>= 2.0.2, < 4.0)
    byebug (11.0.1)
    coderay (1.1.2)
    descendants_tracker (0.0.4)
      thread_safe (~> 0.3, >= 0.3.1)
    dotenv (2.7.5)
    faraday (0.15.4)
      multipart-post (>= 1.2, < 3)
    github_api (0.18.2)
      addressable (~> 2.4)
      descendants_tracker (~> 0.0.4)
      faraday (~> 0.8)
      hashie (~> 3.5, >= 3.5.2)
      oauth2 (~> 1.0)
    hashie (3.6.0)
    jwt (2.2.1)
    method_source (0.9.2)
    multi_json (1.13.1)
    multi_xml (0.6.0)
    multipart-post (2.1.1)
    mustermann (1.0.3)
    nio4r (2.4.0)
    oauth2 (1.4.1)
      faraday (>= 0.8, < 0.16.0)
      jwt (>= 1.0, < 3.0)
      multi_json (~> 1.3)
      multi_xml (~> 0.5)
      rack (>= 1.2, < 3)
    pry (0.12.2)
      coderay (~> 1.1.0)
      method_source (~> 0.9.0)
    pry-byebug (3.7.0)
      byebug (~> 11.0)
      pry (~> 0.10)
    public_suffix (3.1.1)
    puma (4.1.0)
      nio4r (~> 2.0)
    rack (2.0.7)
    rack-protection (2.0.6)
      rack
    sinatra (2.0.6)
      mustermann (~> 1.0)
      rack (~> 2.0)
      rack-protection (= 2.0.6)
      tilt (~> 2.0)
    thread_safe (0.3.6)
    tilt (2.0.9)

PLATFORMS
  ruby

DEPENDENCIES
  dotenv
  github_api
  pry-byebug
  puma
  sinatra

RUBY VERSION
   ruby 2.6.3p62

BUNDLED WITH
   2.0.2
